GEM
  remote: https://rubygems.org/
  specs:
    pg (1.1.4)
    rack (2.0.6)
    sequel (5.17.0)

PLATFORMS
  ruby

DEPENDENCIES
  pg
  rack (~> 2.0.1)
  sequel

BUNDLED WITH
   2.0.1
